PATH
  remote: .
  specs:
    slapi (0.1.0)

GEM
  remote: https://rubygems.org/
  specs:
    rake (13.1.0)

PLATFORMS
  arm64-darwin-23
  ruby

DEPENDENCIES
  rake (~> 13.0)
  slapi!

BUNDLED WITH
   2.5.5
